GEM
  remote: http://rubygems.org/
  specs:
    activemodel (3.0.2)
      activesupport (= 3.0.2)
      builder (~> 2.1.2)
      i18n (~> 0.4.1)
    activerecord (3.0.2)
      activemodel (= 3.0.2)
      activesupport (= 3.0.2)
      arel (~> 2.0.2)
      tzinfo (~> 0.3.23)
    activesupport (3.0.2)
    addressable (2.2.1)
    arel (2.0.10)
    builder (2.1.2)
    data_objects (0.10.8)
      addressable (~> 2.1)
    dm-core (1.0.2)
      addressable (~> 2.2)
      extlib (~> 0.9.15)
    dm-do-adapter (1.0.2)
      data_objects (~> 0.10.2)
      dm-core (~> 1.0.2)
    dm-migrations (1.0.2)
      dm-core (~> 1.0.2)
    dm-mysql-adapter (1.0.2)
      dm-do-adapter (~> 1.0.2)
      do_mysql (~> 0.10.2)
    dm-postgres-adapter (1.0.2)
      dm-do-adapter (~> 1.0.2)
      do_postgres (~> 0.10.2)
    dm-sqlite-adapter (1.0.2)
      dm-do-adapter (~> 1.0.2)
      do_sqlite3 (~> 0.10.2)
    do_mysql (0.10.8)
      data_objects (= 0.10.8)
    do_postgres (0.10.8)
      data_objects (= 0.10.8)
    do_sqlite3 (0.10.8)
      data_objects (= 0.10.8)
    extlib (0.9.15)
    i18n (0.4.1)
    mysql2 (0.1.9)
    pg (0.9.0)
    pg_typecast (0.1.1)
      pg (>= 0.9.0)
    sequel (3.19.0)
    sequel_pg (1.0.1)
      pg (>= 0.8.0)
      sequel (>= 3.6.0)
    sqlite3 (1.3.6)
    sqlite3-ruby (1.3.3)
      sqlite3 (>= 1.3.3)
    tzinfo (0.3.33)

PLATFORMS
  ruby

DEPENDENCIES
  activerecord (= 3.0.2)
  addressable (= 2.2.1)
  builder (= 2.1.2)
  data_objects (>= 0.10.2)
  dm-core (~> 1.0.2)
  dm-do-adapter (~> 1.0.2)
  dm-migrations (~> 1.0.2)
  dm-mysql-adapter (~> 1.0.2)
  dm-postgres-adapter (~> 1.0.2)
  dm-sqlite-adapter (~> 1.0.2)
  do_mysql (>= 0.10.2)
  do_postgres (>= 0.10.2)
  do_sqlite3 (>= 0.10.2)
  i18n (= 0.4.1)
  mysql2 (= 0.1.9)
  pg (= 0.9.0)
  pg_typecast (= 0.1.1)
  sequel (= 3.19.0)
  sequel_pg (= 1.0.1)
  sqlite3-ruby
